GEM
  remote: http://rubygems.org/
  specs:
    activemodel (3.1.1)
      activesupport (= 3.1.1)
      builder (~> 3.0.0)
      i18n (~> 0.6)
    activesupport (3.1.1)
      multi_json (~> 1.0)
    bson (1.4.1)
    bson_ext (1.4.1)
    builder (3.0.0)
    git (1.2.5)
    i18n (0.6.0)
    jeweler (1.6.4)
      bundler (~> 1.0)
      git (>= 1.2.5)
      rake
    mongo (1.4.1)
      bson (= 1.4.1)
    mongoid (2.3.2)
      activemodel (~> 3.1)
      mongo (~> 1.4)
      tzinfo (~> 0.3.22)
    multi_json (1.0.3)
    rack (1.3.5)
    rack-protection (1.1.4)
      rack
    rack-test (0.6.1)
      rack (>= 1.0)
    rake (0.9.2)
    rcov (0.9.11)
    rr (1.0.4)
    shoulda (2.11.3)
    sinatra (1.3.1)
      rack (>= 1.3.4, ~> 1.3)
      rack-protection (>= 1.1.2, ~> 1.1)
      tilt (>= 1.3.3, ~> 1.3)
    tilt (1.3.3)
    tzinfo (0.3.30)

PLATFORMS
  ruby

DEPENDENCIES
  bson_ext (~> 1.4.1)
  bundler (~> 1.0.0)
  jeweler (~> 1.6.4)
  mongoid (~> 2.3.2)
  rack-test (~> 0.6.1)
  rcov
  rr
  shoulda
  sinatra (~> 1.3)
